GIT
  remote: git://github.com/archan937/rich_pluralization.git
  revision: 7c3c32b6c1a379ad5a22aa17532a8a625556e00a
  specs:
    rich_pluralization (1.0.6)
      i18n (>= 0.3.7)

GIT
  remote: git://github.com/kreintjes/holidays.git
  revision: dca4cd582e5c9bc221366905919fae5c26e1fc71
  specs:
    holidays (1.0.7.pre)

GIT
  remote: git://github.com/kreintjes/numbers_and_words.git
  revision: 7d054f7512ae5ba09d78be3a031c289b1cbd1c51
  specs:
    numbers_and_words (0.10.1)
      activesupport
      i18n

GIT
  remote: git://github.com/kreintjes/websocket-rails.git
  revision: 3d7818ea52b4d3448bab3e13afce64b94f30bdd5
  specs:
    websocket-rails (0.6.2)
      em-synchrony
      faye-websocket
      rack
      rails
      redis
      redis-objects
      thin

GIT
  remote: git://github.com/rails/rails.git
  revision: 7a599b54f771f4237948dbff7a3d3eaf4e0d7f1e
  branch: 4-1-stable
  specs:
    actionmailer (4.1.1)
      actionpack (= 4.1.1)
      actionview (= 4.1.1)
      mail (~> 2.5.4)
    actionpack (4.1.1)
      actionview (= 4.1.1)
      activesupport (= 4.1.1)
      rack (~> 1.5.2)
      rack-test (~> 0.6.2)
    actionview (4.1.1)
      activesupport (= 4.1.1)
      builder (~> 3.1)
      erubis (~> 2.7.0)
    activemodel (4.1.1)
      activesupport (= 4.1.1)
      builder (~> 3.1)
    activerecord (4.1.1)
      activemodel (= 4.1.1)
      activesupport (= 4.1.1)
      arel (~> 5.0.0)
    activesupport (4.1.1)
      i18n (~> 0.6, >= 0.6.9)
      json (~> 1.7, >= 1.7.7)
      minitest (~> 5.1)
      thread_safe (~> 0.1)
      tzinfo (~> 1.1)
    rails (4.1.1)
      actionmailer (= 4.1.1)
      actionpack (= 4.1.1)
      actionview (= 4.1.1)
      activemodel (= 4.1.1)
      activerecord (= 4.1.1)
      activesupport (= 4.1.1)
      bundler (>= 1.3.0, < 2.0)
      railties (= 4.1.1)
      sprockets-rails (~> 2.0)
    railties (4.1.1)
      actionpack (= 4.1.1)
      activesupport (= 4.1.1)
      rake (>= 0.8.7)
      thor (>= 0.18.1, < 2.0)

GIT
  remote: git://github.com/tonytonyjan/gistyle.git
  revision: c94a2059a4e4a9e9e877ffece609bf3abdbe66d7
  specs:
    gistyle (0.9.7)

GEM
  remote: http://rubygems.org/
  specs:
    activerecord-import (0.5.0)
      activerecord (>= 3.0)
    activerecord-tableless (1.3.3)
      activerecord (>= 2.3.0)
    ancestry (2.1.0)
      activerecord (>= 3.0.0)
    arel (5.0.1.20140414130214)
    attribute_normalizer (1.2.0.b)
    bcrypt (3.1.7)
    bcrypt (3.1.7-x86-mingw32)
    builder (3.2.2)
    bullet (4.9.0)
      activesupport
      uniform_notifier (~> 1.6.0)
    cancan (1.6.10)
    carrierwave (0.10.0)
      activemodel (>= 3.2.0)
      activesupport (>= 3.2.0)
      json (>= 1.7)
      mime-types (>= 1.16)
    coderay (1.1.0)
    coffee-rails (4.0.1)
      coffee-script (>= 2.2.0)
      railties (>= 4.0.0, < 5.0)
    coffee-script (2.2.0)
      coffee-script-source
      execjs
    coffee-script-source (1.7.0)
    columnize (0.8.9)
    daemons (1.1.9)
    database_cleaner (1.2.0)
    debugger (1.6.6)
      columnize (>= 0.3.1)
      debugger-linecache (~> 1.2.0)
      debugger-ruby_core_source (~> 1.3.2)
    debugger-linecache (1.2.0)
    debugger-ruby_core_source (1.3.4)
    deep_cloneable (1.6.1)
      activerecord (>= 3.1.0)
    devise (3.2.4)
      bcrypt (~> 3.0)
      orm_adapter (~> 0.1)
      railties (>= 3.2.6, < 5)
      thread_safe (~> 0.1)
      warden (~> 1.2.3)
    devise-i18n (0.10.3)
    devise-i18n-views (0.2.8)
    devise_invitable (1.3.5)
      actionmailer (>= 3.2.6, < 5)
      devise (>= 3.2.0)
    diff-lcs (1.2.5)
    em-synchrony (1.0.3)
      eventmachine (>= 1.0.0.beta.1)
    erubis (2.7.0)
    eventmachine (1.0.3)
    eventmachine (1.0.3-x86-mingw32)
    execjs (2.0.2)
    factory_girl (4.4.0)
      activesupport (>= 3.0.0)
    factory_girl_rails (4.4.1)
      factory_girl (~> 4.4.0)
      railties (>= 3.0.0)
    faye-websocket (0.7.3)
      eventmachine (>= 0.12.0)
      websocket-driver (>= 0.3.1)
    forgery (0.6.0)
    hash_to_hidden_fields (2.0.1)
      actionpack (>= 3)
      rack (~> 1.2)
    hike (1.2.3)
    i18n (0.6.9)
    i18n_alchemy (0.2.1)
      activesupport (>= 3.2.0, < 4.2)
      i18n (~> 0.6)
    ice_cube (0.12.0)
    jbuilder (2.0.7)
      activesupport (>= 3.0.0, < 5)
      multi_json (~> 1.2)
    jquery-minicolors-rails (2.1.4.0)
      jquery-rails
      rails (>= 3.2.8)
    jquery-rails (3.1.0)
      railties (>= 3.0, < 5.0)
      thor (>= 0.14, < 2.0)
    jquery-rails-cdn (1.0.2)
      jquery-rails
    jquery-ui-rails (4.2.1)
      railties (>= 3.2.16)
    jquery-ui-rails-cdn (0.1.3)
      jquery-ui-rails (>= 4.1.0)
    js-routes (0.9.7)
      railties (>= 3.2)
      sprockets-rails
    json (1.8.1)
    kaminari (0.15.1)
      actionpack (>= 3.0.0)
      activesupport (>= 3.0.0)
    libv8 (3.16.14.3)
    magnific-popup-rails (0.9.9)
    mail (2.5.4)
      mime-types (~> 1.16)
      treetop (~> 1.4.8)
    method_source (0.8.2)
    mime-types (1.25.1)
    mini_magick (3.7.0)
      subexec (~> 0.2.1)
    minitest (5.3.3)
    modernizr-rails (2.7.1)
    momentjs-rails (2.6.0)
      railties (>= 3.1)
    multi_json (1.10.0)
    nested_form (0.3.2)
    orm_adapter (0.5.0)
    pg (0.17.1)
    pg (0.17.1-x86-mingw32)
    pg_search (0.7.3)
      activerecord (>= 3.1)
      activesupport (>= 3.1)
      arel
    polyglot (0.3.4)
    pry (0.9.12.6)
      coderay (~> 1.0)
      method_source (~> 0.8)
      slop (~> 3.4)
    pry (0.9.12.6-x86-mingw32)
      coderay (~> 1.0)
      method_source (~> 0.8)
      slop (~> 3.4)
      win32console (~> 1.3)
    pry-rails (0.3.2)
      pry (>= 0.9.10)
    quiet_assets (1.0.2)
      railties (>= 3.1, < 5.0)
    rack (1.5.2)
    rack-test (0.6.2)
      rack (>= 1.0)
    rails-i18n (4.0.2)
      i18n (~> 0.6)
      rails (>= 4.0)
    rake (10.3.1)
    rdoc (4.1.1)
      json (~> 1.4)
    redis (3.0.7)
    redis-objects (0.9.1)
      redis (>= 3.0.2)
    ref (1.0.5)
    responders (1.0.0)
      railties (>= 3.2, < 5)
    rspec-core (2.14.8)
    rspec-expectations (2.14.5)
      diff-lcs (>= 1.1.3, < 2.0)
    rspec-mocks (2.14.6)
    rspec-rails (2.14.2)
      actionpack (>= 3.0)
      activemodel (>= 3.0)
      activesupport (>= 3.0)
      railties (>= 3.0)
      rspec-core (~> 2.14.0)
      rspec-expectations (~> 2.14.0)
      rspec-mocks (~> 2.14.0)
    sass (3.2.19)
    sass-rails (4.0.3)
      railties (>= 4.0.0, < 5.0)
      sass (~> 3.2.0)
      sprockets (~> 2.8, <= 2.11.0)
      sprockets-rails (~> 2.0)
    sdoc (0.4.0)
      json (~> 1.8)
      rdoc (~> 4.0, < 5.0)
    seedbank (0.3.0)
    select2-rails (3.5.7)
      thor (~> 0.14)
    slop (3.5.0)
    spring (1.1.2)
    sprockets (2.11.0)
      hike (~> 1.2)
      multi_json (~> 1.0)
      rack (~> 1.0)
      tilt (~> 1.1, != 1.3.0)
    sprockets-rails (2.1.3)
      actionpack (>= 3.0)
      activesupport (>= 3.0)
      sprockets (~> 2.8)
    subexec (0.2.3)
    therubyracer (0.12.1)
      libv8 (~> 3.16.14.0)
      ref
    thin (1.6.2)
      daemons (>= 1.0.9)
      eventmachine (>= 1.0.0)
      rack (>= 1.0.0)
    thor (0.19.1)
    thread_safe (0.3.3)
    tilt (1.4.1)
    timeliness (0.3.7)
    treetop (1.4.15)
      polyglot
      polyglot (>= 0.3.1)
    turbolinks (2.2.2)
      coffee-rails
    tzinfo (1.1.0)
      thread_safe (~> 0.1)
    tzinfo-data (1.2014.2)
      tzinfo (>= 1.0.0)
    uglifier (2.5.0)
      execjs (>= 0.3.0)
      json (>= 1.8.0)
    uniform_notifier (1.6.1)
    validates_timeliness (3.0.14)
      timeliness (~> 0.3.6)
    warden (1.2.3)
      rack (>= 1.0)
    websocket-driver (0.3.3)
    win32console (1.3.2-x86-mingw32)

PLATFORMS
  ruby
  x86-mingw32

DEPENDENCIES
  activerecord-import
  activerecord-tableless
  ancestry
  attribute_normalizer (~> 1.2.0.b)
  bullet
  cancan
  carrierwave
  database_cleaner
  debugger
  deep_cloneable
  devise (~> 3.2.4)
  devise-i18n (~> 0.10.3)
  devise-i18n-views (~> 0.2.8)
  devise_invitable (~> 1.3.5)
  factory_girl_rails
  forgery
  gistyle!
  hash_to_hidden_fields
  holidays!
  i18n_alchemy
  ice_cube
  jbuilder
  jquery-minicolors-rails
  jquery-rails
  jquery-rails-cdn
  jquery-ui-rails
  jquery-ui-rails-cdn
  js-routes
  kaminari
  magnific-popup-rails
  mini_magick
  modernizr-rails
  momentjs-rails
  nested_form
  numbers_and_words!
  pg
  pg_search (~> 0.7.3)
  pry-rails
  quiet_assets
  rails (~> 4.1.1)!
  rails-i18n
  responders
  rich_pluralization!
  rspec-rails
  sass-rails
  sdoc
  seedbank
  select2-rails
  spring
  therubyracer
  turbolinks
  tzinfo-data
  uglifier (>= 1.3.0)
  validates_timeliness
  websocket-rails!
